PATH
  remote: .
  specs:
    linebreak-cli (2.0.0pre.1)
      bundler (~> 1.0.21)
      linebreak (~> 2.0.0pre.1)
      user-choices (~> 1.1.6.1)

GEM
  remote: http://rubygems.org/
  specs:
    builder (3.0.0)
    childprocess (0.3.1)
      ffi (~> 1.0.6)
    coderay (1.0.5)
    diff-lcs (1.1.3)
    ffi (1.0.11)
    ffi (1.0.11-java)
    hoe (2.15.0)
      rake (~> 0.8)
    linebreak (2.0.0pre.1)
    method_source (0.7.1)
    multi_json (1.1.0)
    pry (0.9.8.4)
      coderay (~> 1.0.5)
      method_source (~> 0.7.1)
      slop (>= 2.4.4, < 3)
    pry (0.9.8.4-java)
      coderay (~> 1.0.5)
      method_source (~> 0.7.1)
      slop (>= 2.4.4, < 3)
      spoon (~> 0.0)
    rake (0.9.2.2)
    rspec (2.8.0)
      rspec-core (~> 2.8.0)
      rspec-expectations (~> 2.8.0)
      rspec-mocks (~> 2.8.0)
    rspec-core (2.8.0)
    rspec-expectations (2.8.0)
      diff-lcs (~> 1.1.2)
    rspec-mocks (2.8.0)
    s4t-utils (1.0.4)
      hoe (>= 1.3.0)
    simplecov (0.6.1)
      multi_json (~> 1.0)
      simplecov-html (~> 0.5.3)
    simplecov-html (0.5.3)
    slop (2.4.4)
    spoon (0.0.1)
    user-choices (1.1.6.1)
      builder (>= 2.1.2)
      s4t-utils (>= 1.0.3)
      xml-simple (>= 1.0.11)
    xml-simple (1.1.1)
    yard (0.7.5)

PLATFORMS
  java
  ruby

DEPENDENCIES
  childprocess (~> 0.3.1)
  linebreak-cli!
  pry (~> 0.9.8)
  rake (~> 0.9.2)
  rspec (~> 2.8.0)
  simplecov (~> 0.6.1)
  yard (~> 0.7.5)
